GEM
  remote: http://rubygems.org/
  specs:
    abstract (1.0.0)
    cmdparse (2.0.3)
    erubis (2.6.6)
      abstract (>= 1.0.0)
    juicer (1.0.9)
      cmdparse
      nokogiri
      rubyzip
    nokogiri (1.4.4)
    rubyzip (0.9.4)

PLATFORMS
  ruby

DEPENDENCIES
  erubis
  juicer
