GEM
  remote: http://rubygems.org/
  specs:
    abstract (1.0.0)
    builder (3.0.0)
    cmdparse (2.0.3)
    commonwatir (1.8.0)
      user-choices
    erubis (2.6.6)
      abstract (>= 1.0.0)
    firewatir (1.8.0)
      commonwatir (= 1.8.0)
    hoe (2.9.1)
      rake (>= 0.8.7)
    juicer (1.0.9)
      cmdparse
      nokogiri
      rubyzip
    nokogiri (1.4.4)
    rake (0.8.7)
    rubyzip (0.9.4)
    s4t-utils (1.0.4)
      hoe (>= 1.3.0)
    user-choices (1.1.6.1)
      builder (>= 2.1.2)
      s4t-utils (>= 1.0.3)
      xml-simple (>= 1.0.11)
    xml-simple (1.0.15)

PLATFORMS
  ruby

DEPENDENCIES
  erubis
  firewatir
  juicer
